PATH
  remote: .
  specs:
    nutcracker (0.4.1.21)
      redis (< 4.0.0)

GEM
  remote: http://rubygems.org/
  specs:
    metaclass (0.0.1)
    minitest (5.0.2)
    mocha (0.14.0)
      metaclass (~> 0.0.1)
    redis (3.3.5)

PLATFORMS
  ruby

DEPENDENCIES
  minitest
  mocha
  nutcracker!

BUNDLED WITH
   1.16.1
