PATH
  remote: .
  specs:
    nutcracker (0.4.1.19)
      redis

GEM
  remote: http://rubygems.org/
  specs:
    metaclass (0.0.1)
    minitest (5.0.2)
    mocha (0.14.0)
      metaclass (~> 0.0.1)
    redis (3.1.0)

PLATFORMS
  ruby

DEPENDENCIES
  minitest
  mocha
  nutcracker!

BUNDLED WITH
   1.10.6
